GEM
  remote: https://rubygems.org/
  specs:
    activesupport (4.1.0)
      i18n (~> 0.6, >= 0.6.9)
      json (~> 1.7, >= 1.7.7)
      minitest (~> 5.1)
      thread_safe (~> 0.1)
      tzinfo (~> 1.1)
    addressable (2.3.6)
    chrono (0.0.4)
      activesupport
    coderay (1.1.0)
    dotenv (0.11.1)
      dotenv-deployment (~> 0.0.2)
    dotenv-deployment (0.0.2)
    ellen (0.2.1)
      activesupport
      bundler
      dotenv
      mem
      slop
    ellen-cron (0.0.5)
      activesupport
      chrono
      ellen (>= 0.2.0)
    ellen-github (0.0.4)
      ellen (>= 0.2.0)
      octokit
    ellen-google_image (0.0.6)
      ellen (>= 0.2.0)
      faraday
      faraday_middleware
    ellen-redis (0.0.3)
      ellen (>= 0.1.1)
      redis
      redis-namespace
    ellen-slack (0.0.4)
      ellen (>= 0.2.0)
      zircon (>= 0.0.8)
    faraday (0.9.0)
      multipart-post (>= 1.2, < 3)
    faraday_middleware (0.9.1)
      faraday (>= 0.7.4, < 0.10)
    i18n (0.6.9)
    json (1.8.1)
    mem (0.1.1)
    method_source (0.8.2)
    minitest (5.3.3)
    multipart-post (2.0.0)
    octokit (3.1.0)
      sawyer (~> 0.5.3)
    pry (0.9.12.6)
      coderay (~> 1.0)
      method_source (~> 0.8)
      slop (~> 3.4)
    rake (10.3.1)
    redis (3.0.7)
    redis-namespace (1.4.1)
      redis (~> 3.0.4)
    sawyer (0.5.4)
      addressable (~> 2.3.5)
      faraday (~> 0.8, < 0.10)
    slop (3.5.0)
    thread_safe (0.3.3)
    tzinfo (1.1.0)
      thread_safe (~> 0.1)
    zircon (0.0.8)

PLATFORMS
  ruby

DEPENDENCIES
  ellen
  ellen-cron
  ellen-github
  ellen-google_image
  ellen-redis
  ellen-slack
  pry
  rake
