GEM
  remote: https://rubygems.org/
  specs:
    activesupport (4.1.0)
      i18n (~> 0.6, >= 0.6.9)
      json (~> 1.7, >= 1.7.7)
      minitest (~> 5.1)
      thread_safe (~> 0.1)
      tzinfo (~> 1.1)
    chrono (0.0.3)
      activesupport
    dotenv (0.10.0)
    ellen (0.1.0)
      activesupport
      bundler
      dotenv
      mem
      slop
    ellen-cron (0.0.1)
      activesupport
      chrono
      ellen (>= 0.0.8)
    ellen-google_image (0.0.4)
      ellen (>= 0.0.8)
      faraday
      faraday_middleware
    ellen-slack (0.0.2)
      zircon (>= 0.0.8)
    faraday (0.9.0)
      multipart-post (>= 1.2, < 3)
    faraday_middleware (0.9.1)
      faraday (>= 0.7.4, < 0.10)
    i18n (0.6.9)
    json (1.8.1)
    mem (0.1.1)
    minitest (5.3.3)
    multipart-post (2.0.0)
    slop (3.5.0)
    thread_safe (0.3.3)
    tzinfo (1.1.0)
      thread_safe (~> 0.1)
    zircon (0.0.8)

PLATFORMS
  ruby

DEPENDENCIES
  ellen (>= 0.1.0)
  ellen-cron
  ellen-google_image (>= 0.0.4)
  ellen-slack (>= 0.0.2)
