GEM
  remote: https://rubygems.org/
  specs:
    activesupport (4.1.1)
      i18n (~> 0.6, >= 0.6.9)
      json (~> 1.7, >= 1.7.7)
      minitest (~> 5.1)
      thread_safe (~> 0.1)
      tzinfo (~> 1.1)
    addressable (2.3.6)
    chrono (0.0.4)
      activesupport
    coderay (1.1.0)
    dotenv (0.11.1)
      dotenv-deployment (~> 0.0.2)
    dotenv-deployment (0.0.2)
    faraday (0.9.0)
      multipart-post (>= 1.2, < 3)
    faraday_middleware (0.9.1)
      faraday (>= 0.7.4, < 0.10)
    hashie (2.1.1)
    i18n (0.6.9)
    json (1.8.1)
    mem (0.1.1)
    method_source (0.8.2)
    minitest (5.3.4)
    multi_xml (0.5.5)
    multipart-post (2.0.0)
    octokit (3.1.0)
      sawyer (~> 0.5.3)
    pry (0.9.12.6)
      coderay (~> 1.0)
      method_source (~> 0.8)
      slop (~> 3.4)
    rake (10.3.2)
    redis (3.0.7)
    redis-namespace (1.4.1)
      redis (~> 3.0.4)
    ruboty (1.0.0)
      activesupport
      bundler
      dotenv
      mem
      slop
    ruboty-alias (0.0.3)
      ruboty
    ruboty-cron (0.0.9)
      activesupport
      chrono
      ruboty (>= 0.2.0)
    ruboty-github (0.0.9)
      activesupport
      octokit
      ruboty
    ruboty-google_image (0.0.7)
      faraday
      faraday_middleware
      ruboty
    ruboty-redis (0.0.4)
      redis
      redis-namespace
      ruboty
    ruboty-slack (0.1.4)
      ruboty
      xrc (>= 0.0.3)
    ruboty-syoboi_calendar (0.0.5)
      activesupport
      ruboty
      syoboi_calendar (= 0.3.1)
    sawyer (0.5.4)
      addressable (~> 2.3.5)
      faraday (~> 0.8, < 0.10)
    slop (3.5.0)
    syoboi_calendar (0.3.1)
      activesupport
      faraday
      faraday_middleware
      hashie
      multi_xml
    thread_safe (0.3.4)
    tzinfo (1.2.0)
      thread_safe (~> 0.1)
    xrc (0.0.5)
      activesupport

PLATFORMS
  ruby

DEPENDENCIES
  pry
  rake
  ruboty-alias
  ruboty-cron
  ruboty-github
  ruboty-google_image
  ruboty-redis
  ruboty-slack
  ruboty-syoboi_calendar
