GIT
  remote: git://github.com/r7kamura/ikku.git
  revision: 15a2fb13bc576aacb7e0afa8aae8123e4d73f1bd
  specs:
    ikku (0.0.3)
      natto

GIT
  remote: git://github.com/r7kamura/ruboty.git
  revision: 2f11315725ac0b43f003aa318d2fa0e9c022d471
  specs:
    ruboty (1.1.3)
      activesupport
      bundler
      dotenv
      mem
      slop

GIT
  remote: https://gist.github.com/r7kamura/529cab313a3bf792fcf9
  revision: e348e22d50890aff9fe3b3e7b632f4a2c92352ec
  specs:
    ruboty-kokodeikku (0.0.1)
      ikku

GEM
  remote: https://rubygems.org/
  specs:
    activesupport (4.1.8)
      i18n (~> 0.6, >= 0.6.9)
      json (~> 1.7, >= 1.7.7)
      minitest (~> 5.1)
      thread_safe (~> 0.1)
      tzinfo (~> 1.1)
    addressable (2.3.6)
    chrono (0.0.4)
      activesupport
    coderay (1.1.0)
    docomoru (0.1.0)
      activesupport
      faraday
      faraday_middleware
      json
      rack
      slop
    dotenv (1.0.2)
    faraday (0.9.0)
      multipart-post (>= 1.2, < 3)
    faraday_middleware (0.9.1)
      faraday (>= 0.7.4, < 0.10)
    ffi (1.9.6)
    hashie (3.0.0)
    i18n (0.6.11)
    json (1.8.1)
    mem (0.1.5)
    method_source (0.8.2)
    minitest (5.5.0)
    multi_xml (0.5.5)
    multipart-post (2.0.0)
    natto (0.9.8)
      ffi (>= 1.9.0)
    octokit (3.7.0)
      sawyer (~> 0.6.0, >= 0.5.3)
    pry (0.10.0)
      coderay (~> 1.1.0)
      method_source (~> 0.8.1)
      slop (~> 3.4)
    rack (1.5.2)
    rake (10.3.2)
    redis (3.0.7)
    redis-namespace (1.4.1)
      redis (~> 3.0.4)
    ruboty-alias (0.0.6)
      ruboty (>= 1.1.1)
    ruboty-cron (0.0.9)
      activesupport
      chrono
      ruboty (>= 0.2.0)
    ruboty-github (0.1.1)
      activesupport
      octokit
      ruboty
    ruboty-google_image (0.0.7)
      faraday
      faraday_middleware
      ruboty
    ruboty-lgtm (0.0.2)
      faraday
      faraday_middleware
      ruboty
    ruboty-redis (0.0.4)
      redis
      redis-namespace
      ruboty
    ruboty-slack (0.1.6)
      ruboty
      xrc (>= 0.0.6)
    ruboty-syoboi_calendar (0.0.5)
      activesupport
      ruboty
      syoboi_calendar (= 0.3.1)
    ruboty-talk (0.0.4)
      docomoru (>= 0.0.3)
      ruboty (>= 1.1.0)
    sawyer (0.6.0)
      addressable (~> 2.3.5)
      faraday (~> 0.8, < 0.10)
    slop (3.6.0)
    syoboi_calendar (0.3.1)
      activesupport
      faraday
      faraday_middleware
      hashie
      multi_xml
    thread_safe (0.3.4)
    tzinfo (1.2.2)
      thread_safe (~> 0.1)
    xrc (0.1.1)
      activesupport

PLATFORMS
  ruby

DEPENDENCIES
  ikku!
  pry
  rake
  ruboty!
  ruboty-alias
  ruboty-cron
  ruboty-github
  ruboty-google_image
  ruboty-kokodeikku!
  ruboty-lgtm
  ruboty-redis
  ruboty-slack
  ruboty-syoboi_calendar
  ruboty-talk
